GIT
  remote: git://github.com/rubymotion/teacup.git
  revision: 9134f78f3f2db65e3b519ea4bfabe8467f363b14
  ref: 9134f78f3f2db65e3b519ea4bfabe8467f363b14
  specs:
    teacup (2.1.13)

GEM
  remote: https://rubygems.org/
  specs:
    rake (10.1.0)

PLATFORMS
  ruby

DEPENDENCIES
  rake
  teacup!
